PATH
  remote: .
  specs:
    datapackage (0.0.4)
      colorize
      json
      json-schema
      rest-client

GEM
  remote: http://rubygems.org/
  specs:
    colorize (0.6.0)
    coveralls (0.7.0)
      multi_json (~> 1.3)
      rest-client
      simplecov (>= 0.7)
      term-ansicolor
      thor
    diff-lcs (1.2.5)
    docile (1.1.1)
    fakeweb (1.3.0)
    json (2.0.2)
    json-schema (2.1.9)
    mime-types (2.0)
    multi_json (1.8.2)
    rake (10.1.1)
    rest-client (1.6.7)
      mime-types (>= 1.16)
    rspec (2.14.1)
      rspec-core (~> 2.14.0)
      rspec-expectations (~> 2.14.0)
      rspec-mocks (~> 2.14.0)
    rspec-core (2.14.7)
    rspec-expectations (2.14.4)
      diff-lcs (>= 1.1.3, < 2.0)
    rspec-mocks (2.14.4)
    simplecov (0.8.2)
      docile (~> 1.1.0)
      multi_json
      simplecov-html (~> 0.8.0)
    simplecov-html (0.8.0)
    simplecov-rcov (0.2.3)
      simplecov (>= 0.4.1)
    term-ansicolor (1.3.0)
      tins (~> 1.0)
    thor (0.18.1)
    tins (1.0.0)

PLATFORMS
  ruby

DEPENDENCIES
  bundler (~> 1.3)
  coveralls
  datapackage!
  fakeweb (~> 1.3)
  rake
  rspec
  simplecov
  simplecov-rcov

BUNDLED WITH
   1.12.5
