PATH
  remote: .
  specs:
    datapackage (0.0.4)
      colorize
      json
      json-schema
      rest-client

GEM
  remote: http://rubygems.org/
  specs:
    colorize (0.6.0)
    diff-lcs (1.2.5)
    docile (1.1.1)
    fakeweb (1.3.0)
    json (1.8.1)
    json-schema (2.1.9)
    mime-types (2.0)
    multi_json (1.8.2)
    rest-client (1.6.7)
      mime-types (>= 1.16)
    rspec (2.14.1)
      rspec-core (~> 2.14.0)
      rspec-expectations (~> 2.14.0)
      rspec-mocks (~> 2.14.0)
    rspec-core (2.14.7)
    rspec-expectations (2.14.4)
      diff-lcs (>= 1.1.3, < 2.0)
    rspec-mocks (2.14.4)
    simplecov (0.8.2)
      docile (~> 1.1.0)
      multi_json
      simplecov-html (~> 0.8.0)
    simplecov-html (0.8.0)
    simplecov-rcov (0.2.3)
      simplecov (>= 0.4.1)

PLATFORMS
  ruby

DEPENDENCIES
  datapackage!
  fakeweb (~> 1.3)
  rspec
  simplecov-rcov
